PATH
  remote: .
  specs:
    bluster (0.5.3-java)
      ordasity-jars (~> 0.5.3)

GEM
  remote: https://rubygems.org/
  specs:
    diff-lcs (1.2.4)
    little-plugger (1.1.3)
    logging (1.7.2)
      little-plugger (>= 1.1.3)
    ordasity-jars (0.5.3-java)
    rspec (2.13.0)
      rspec-core (~> 2.13.0)
      rspec-expectations (~> 2.13.0)
      rspec-mocks (~> 2.13.0)
    rspec-core (2.13.1)
    rspec-expectations (2.13.0)
      diff-lcs (>= 1.1.3, < 2.0)
    rspec-mocks (2.13.1)
    slyphon-log4j (1.2.15)
    slyphon-zookeeper_jar (3.3.5-java)
    zk (1.9.0)
      logging (~> 1.7.2)
      zookeeper (~> 1.4.0)
    zookeeper (1.4.4-java)
      slyphon-log4j (= 1.2.15)
      slyphon-zookeeper_jar (= 3.3.5)

PLATFORMS
  java

DEPENDENCIES
  bluster!
  rspec
  zk
